PATH
  remote: .
  specs:
    power_bi_embedded (0.1.4)
      httparty (~> 0.16)

GEM
  remote: https://rubygems.org/
  specs:
    httparty (0.21.0)
      mini_mime (>= 1.0.0)
      multi_xml (>= 0.5.2)
    mini_mime (1.1.2)
    multi_xml (0.6.0)
    sqlite3 (1.3.13)

PLATFORMS
  ruby

DEPENDENCIES
  power_bi_embedded!
  sqlite3 (~> 1.3)

BUNDLED WITH
   1.16.2
